GEM
  remote: https://rubygems.org/
  specs:
    activesupport (7.2.1)
      base64
      bigdecimal
      concurrent-ruby (~> 1.0, >= 1.3.1)
      connection_pool (>= 2.2.5)
      drb
      i18n (>= 1.6, < 2)
      logger (>= 1.4.2)
      minitest (>= 5.1)
      securerandom (>= 0.3)
      tzinfo (~> 2.0, >= 2.0.5)
    base64 (0.2.0)
    bigdecimal (3.1.8)
    concurrent-ruby (1.3.4)
    connection_pool (2.4.1)
    dotenv (3.1.4)
    drb (2.2.1)
    faraday (2.12.0)
      faraday-net_http (>= 2.0, < 3.4)
      json
      logger
    faraday-multipart (1.0.4)
      multipart-post (~> 2)
    faraday-net_http (3.3.0)
      net-http
    hashie (5.0.0)
    i18n (1.14.6)
      concurrent-ruby (~> 1.0)
    json (2.7.2)
    language_server-protocol (3.17.0.3)
    logger (1.6.1)
    minitest (5.25.1)
    multipart-post (2.4.1)
    net-http (0.4.1)
      uri
    open-weather-ruby-client (0.5.0)
      activesupport
      faraday (>= 2.0.1)
      faraday-multipart
      hashie
    prism (1.0.0)
    rbs (3.5.3)
      logger
    ruby-lsp (0.18.3)
      language_server-protocol (~> 3.17.0)
      prism (~> 1.0)
      rbs (>= 3, < 4)
      sorbet-runtime (>= 0.5.10782)
    securerandom (0.3.1)
    sorbet-runtime (0.5.11585)
    tzinfo (2.0.6)
      concurrent-ruby (~> 1.0)
    uri (0.13.1)

PLATFORMS
  ruby
  x86_64-linux

DEPENDENCIES
  dotenv
  open-weather-ruby-client
  ruby-lsp

RUBY VERSION
   ruby 3.3.5p100

BUNDLED WITH
   2.5.16
